PATH
  remote: .
  specs:
    minionizer (0.3.2)
      activesupport (~> 5.2)
      binding_of_caller (~> 0.8)
      net-scp (~> 2.0)
      net-ssh (~> 5.2)

GEM
  remote: http://rubygems.org/
  specs:
    activesupport (5.2.3)
      concurrent-ruby (~> 1.0, >= 1.0.2)
      i18n (>= 0.7, < 2)
      minitest (~> 5.1)
      tzinfo (~> 1.1)
    binding_of_caller (0.8.0)
      debug_inspector (>= 0.0.1)
    concurrent-ruby (1.1.5)
    coveralls (0.7.1)
      multi_json (~> 1.3)
      rest-client
      simplecov (>= 0.7)
      term-ansicolor
      thor
    debug_inspector (0.0.3)
    docile (1.1.5)
    fakefs (0.6.0)
    i18n (1.6.0)
      concurrent-ruby (~> 1.0)
    metaclass (0.0.4)
    mime-types (2.4.3)
    minitest (5.11.3)
    mocha (1.1.0)
      metaclass (~> 0.0.1)
    multi_json (1.10.1)
    net-scp (2.0.0)
      net-ssh (>= 2.6.5, < 6.0.0)
    net-ssh (5.2.0)
    netrc (0.8.0)
    rake (12.3.3)
    rest-client (1.7.2)
      mime-types (>= 1.16, < 3.0)
      netrc (~> 0.7)
    simplecov (0.9.1)
      docile (~> 1.1.0)
      multi_json (~> 1.0)
      simplecov-html (~> 0.8.0)
    simplecov-html (0.8.0)
    term-ansicolor (1.3.0)
      tins (~> 1.0)
    thor (0.19.1)
    thread_safe (0.3.6)
    tins (1.3.3)
    tzinfo (1.2.5)
      thread_safe (~> 0.1)

PLATFORMS
  ruby

DEPENDENCIES
  coveralls
  fakefs (~> 0.5)
  minionizer!
  minitest (~> 5.11)
  mocha (~> 1.0)
  rake (~> 12.3.3)

BUNDLED WITH
   1.17.2
