PATH
  remote: .
  specs:
    minionizer (0.1.0)
      activesupport (~> 4.1)
      net-ssh (~> 2.9)

GEM
  remote: http://rubygems.org/
  specs:
    activesupport (4.1.1)
      i18n (~> 0.6, >= 0.6.9)
      json (~> 1.7, >= 1.7.7)
      minitest (~> 5.1)
      thread_safe (~> 0.1)
      tzinfo (~> 1.1)
    coveralls (0.7.0)
      multi_json (~> 1.3)
      rest-client
      simplecov (>= 0.7)
      term-ansicolor
      thor
    docile (1.1.3)
    fakefs (0.5.2)
    i18n (0.6.9)
    json (1.8.1)
    metaclass (0.0.4)
    mime-types (2.2)
    minitest (5.3.3)
    mocha (1.0.0)
      metaclass (~> 0.0.1)
    multi_json (1.10.0)
    net-ssh (2.9.0)
    rake (10.3.1)
    rest-client (1.6.7)
      mime-types (>= 1.16)
    simplecov (0.8.2)
      docile (~> 1.1.0)
      multi_json
      simplecov-html (~> 0.8.0)
    simplecov-html (0.8.0)
    term-ansicolor (1.3.0)
      tins (~> 1.0)
    thor (0.19.1)
    thread_safe (0.3.3)
    tins (1.1.0)
    tzinfo (1.1.0)
      thread_safe (~> 0.1)

PLATFORMS
  ruby

DEPENDENCIES
  coveralls
  fakefs (~> 0.5)
  minionizer!
  mocha (~> 1.0)
  rake (~> 10.3)
